PATH
  remote: .
  specs:
    parky (1.0)
      multipart-post
      slacky (>= 0.3.5)
      tzinfo

GEM
  remote: https://rubygems.org/
  specs:
    activesupport (7.0.4.3)
      concurrent-ruby (~> 1.0, >= 1.0.2)
      i18n (>= 1.6, < 2)
      minitest (>= 5.1)
      tzinfo (~> 2.0)
    async (1.23.0)
      console (~> 1.0)
      nio4r (~> 2.3)
      timers (~> 4.1)
    async-io (1.27.0)
      async (~> 1.14)
    async-websocket (0.8.0)
      async-io
      websocket-driver (~> 0.7.0)
    concurrent-ruby (1.2.2)
    console (1.6.0)
    dotenv (2.7.5)
    factory_girl (4.9.0)
      activesupport (>= 3.0.0)
    faraday (0.17.0)
      multipart-post (>= 1.2, < 3)
    faraday_middleware (0.13.1)
      faraday (>= 0.7.4, < 1.0)
    gli (2.19.0)
    hashie (4.0.0)
    i18n (1.12.0)
      concurrent-ruby (~> 1.0)
    minitest (5.13.0)
    multipart-post (2.1.1)
    nio4r (2.5.2)
    parse-cron (0.1.4)
    pg (1.1.4)
    rake (13.0.1)
    slack-ruby-client (0.14.4)
      activesupport
      faraday (>= 0.9)
      faraday_middleware
      gli
      hashie
      websocket-driver
    slacky (0.3.5)
      async-websocket (~> 0.8.0)
      dotenv
      parse-cron
      pg
      slack-ruby-client (>= 0.14.4)
      tzinfo
      tzinfo-data
    timers (4.3.0)
    tzinfo (2.0.6)
      concurrent-ruby (~> 1.0)
    tzinfo-data (1.2019.3)
      tzinfo (>= 1.0.0)
    websocket-driver (0.7.1)
      websocket-extensions (>= 0.1.0)
    websocket-extensions (0.1.4)

PLATFORMS
  ruby

DEPENDENCIES
  factory_girl
  minitest
  parky!
  rake

BUNDLED WITH
   2.0.1
