PATH
  remote: /Users/mike/Projects/slacky
  specs:
    slacky (0.3.5)
      async-websocket (~> 0.8.0)
      dotenv
      parse-cron
      pg
      slack-ruby-client (>= 0.14.4)
      tzinfo
      tzinfo-data

GEM
  remote: https://rubygems.org/
  specs:
    activesupport (6.0.1)
      concurrent-ruby (~> 1.0, >= 1.0.2)
      i18n (>= 0.7, < 2)
      minitest (~> 5.1)
      tzinfo (~> 1.1)
      zeitwerk (~> 2.2)
    async (1.23.0)
      console (~> 1.0)
      nio4r (~> 2.3)
      timers (~> 4.1)
    async-io (1.27.0)
      async (~> 1.14)
    async-websocket (0.8.0)
      async-io
      websocket-driver (~> 0.7.0)
    concurrent-ruby (1.1.5)
    console (1.5.0)
    dotenv (2.7.5)
    faraday (0.17.0)
      multipart-post (>= 1.2, < 3)
    faraday_middleware (0.13.1)
      faraday (>= 0.7.4, < 1.0)
    gli (2.19.0)
    hashie (4.0.0)
    i18n (1.7.0)
      concurrent-ruby (~> 1.0)
    minitest (5.13.0)
    multipart-post (2.1.1)
    nio4r (2.5.2)
    parse-cron (0.1.4)
    pg (1.1.4)
    slack-ruby-client (0.14.4)
      activesupport
      faraday (>= 0.9)
      faraday_middleware
      gli
      hashie
      websocket-driver
    thread_safe (0.3.6)
    timers (4.3.0)
    tzinfo (1.2.5)
      thread_safe (~> 0.1)
    tzinfo-data (1.2019.3)
      tzinfo (>= 1.0.0)
    websocket-driver (0.7.1)
      websocket-extensions (>= 0.1.0)
    websocket-extensions (0.1.4)
    zeitwerk (2.2.1)

PLATFORMS
  ruby

DEPENDENCIES
  slacky!

BUNDLED WITH
   2.0.1
